GEM
  remote: https://rubygems.org/
  specs:
    ast (2.4.1)
    byebug (11.1.3)
    csv (3.1.2)
    minitest (5.13.0)
    parallel (1.19.2)
    parser (2.7.1.4)
      ast (~> 2.4.1)
    rainbow (3.0.0)
    rake (13.0.1)
    regexp_parser (1.8.0)
    rexml (3.2.3)
    rubocop (0.91.0)
      parallel (~> 1.10)
      parser (>= 2.7.1.1)
      rainbow (>= 2.2.2, < 4.0)
      regexp_parser (>= 1.7)
      rexml
      rubocop-ast (>= 0.4.0, < 1.0)
      ruby-progressbar (~> 1.7)
      unicode-display_width (>= 1.4.0, < 2.0)
    rubocop-ast (0.4.2)
      parser (>= 2.7.1.4)
    rubocop-performance (1.8.1)
      rubocop (>= 0.87.0)
      rubocop-ast (>= 0.4.0)
    ruby-debug-ide (0.7.2)
      rake (>= 0.8.1)
    ruby-progressbar (1.10.1)
    terminal-table (1.8.0)
      unicode-display_width (~> 1.1, >= 1.1.1)
    thor (1.0.1)
    unicode-display_width (1.7.0)

PLATFORMS
  ruby

DEPENDENCIES
  byebug
  csv
  minitest
  rubocop
  rubocop-performance
  ruby-debug-ide
  terminal-table
  thor

RUBY VERSION
   ruby 2.7.1p83

BUNDLED WITH
   2.1.4
